PATH
  remote: .
  specs:
    ruboty-slarin (0.1.0)
      pry-byebug

GEM
  remote: https://rubygems.org/
  specs:
    byebug (9.1.0)
    coderay (1.1.2)
    method_source (0.9.0)
    pry (0.11.3)
      coderay (~> 1.1.0)
      method_source (~> 0.9.0)
    pry-byebug (3.5.1)
      byebug (~> 9.1)
      pry (~> 0.10)

PLATFORMS
  ruby

DEPENDENCIES
  bundler
  ruboty-slarin!

BUNDLED WITH
   1.15.4
