PATH
  remote: .
  specs:
    ruboty-slarin (0.1.0)

GEM
  remote: https://rubygems.org/
  specs:

PLATFORMS
  ruby

DEPENDENCIES
  bundler
  ruboty-slarin!

BUNDLED WITH
   1.15.4
