PATH
  remote: .
  specs:
    ruboty-slarin (0.1.0)
      pry-byebug
      slack-ruby-client

GEM
  remote: https://rubygems.org/
  specs:
    activesupport (5.1.4)
      concurrent-ruby (~> 1.0, >= 1.0.2)
      i18n (~> 0.7)
      minitest (~> 5.1)
      tzinfo (~> 1.1)
    byebug (9.1.0)
    coderay (1.1.2)
    concurrent-ruby (1.0.5)
    faraday (0.13.1)
      multipart-post (>= 1.2, < 3)
    faraday_middleware (0.12.2)
      faraday (>= 0.7.4, < 1.0)
    gli (2.17.1)
    hashie (3.5.6)
    i18n (0.9.1)
      concurrent-ruby (~> 1.0)
    method_source (0.9.0)
    minitest (5.10.3)
    multipart-post (2.0.0)
    pry (0.11.3)
      coderay (~> 1.1.0)
      method_source (~> 0.9.0)
    pry-byebug (3.5.1)
      byebug (~> 9.1)
      pry (~> 0.10)
    slack-ruby-client (0.11.0)
      activesupport
      faraday (>= 0.9)
      faraday_middleware
      gli
      hashie
      websocket-driver
    thread_safe (0.3.6)
    tzinfo (1.2.4)
      thread_safe (~> 0.1)
    websocket-driver (0.7.0)
      websocket-extensions (>= 0.1.0)
    websocket-extensions (0.1.3)

PLATFORMS
  ruby

DEPENDENCIES
  bundler
  ruboty-slarin!

BUNDLED WITH
   1.15.4
